GEM
  remote: http://rubygems.org/
  specs:
    crack (0.1.8)
    gcal4ruby (0.5.5)
      gdata4ruby (>= 0.1.5)
    gdata4ruby (0.1.5)
    httparty (0.6.1)
      crack (= 0.1.8)

PLATFORMS
  ruby

DEPENDENCIES
  gcal4ruby (>= 0.5.3)
  httparty (>= 0.5.2)
